GEM
  remote: https://rubygems.org/
  specs:
    bubble-wrap (1.8.0)
    bubble-wrap-http (1.7.1)
    motion-pixatefreestyle (2.1)
      sass
    rake (10.4.2)
    sass (3.4.12)

PLATFORMS
  ruby

DEPENDENCIES
  bubble-wrap
  bubble-wrap-http
  motion-pixatefreestyle
  rake
